{
  "Modality": "MR",
  "MagneticFieldStrength": 3,
  "Manufacturer": "Siemens",
  "ManufacturersModelName": "TrioTim",
  "InstitutionName": "Brigham_Young_University",
  "InstitutionalDepartmentName": "MRI",
  "InstitutionAddress": "University_Pkwy_1700_North_685_Provo_FC28C0_UT_US_84601",
  "DeviceSerialNumber": "35002",
  "StationName": "MRC35002",
  "PatientPosition": "HFS",
  "ProcedureStepDescription": "Research_KIRWAN",
  "SoftwareVersions": "syngo_MR_B17",
  "MRAcquisitionType": "2D",
  "SeriesDescription": "Task_1_-_Goal_Achievement",
  "ProtocolName": "Task_1_-_Goal_Achievement",
  "ScanningSequence": "EP",
  "SequenceVariant": "SK",
  "ScanOptions": "FS",
  "SequenceName": "epfid2d1_64",
  "ImageType": [
    "ORIGINAL",
    "PRIMARY",
    "M",
    "ND",
    "MOSAIC"
  ],
  "SeriesNumber": 3,
  "AcquisitionTime": "08:29:56.240000",
  "AcquisitionNumber": 1,
  "SliceThickness": 3,
  "SpacingBetweenSlices": 3,
  "SAR": 0.162087,
  "EchoTime": 0.028,
  "RepetitionTime": 2.5,
  "FlipAngle": 90,
  "PartialFourier": 1,
  "BaseResolution": 64,
  "ShimSetting": [
    -2836,
    -22976,
    2361,
    486,
    32,
    -35,
    -546,
    373
  ],
  "TxRefAmp": 317.137,
  "PhaseResolution": 1,
  "ReceiveCoilName": "HeadMatrix",
  "PulseSequenceDetails": "%CustomerSeq%_ep2d_bold_PMU",
  "PercentPhaseFOV": 100,
  "PhaseEncodingSteps": 64,
  "AcquisitionMatrixPE": 64,
  "ReconMatrixPE": 64,
  "BandwidthPerPixelPhaseEncode": 31.888,
  "EffectiveEchoSpacing": 0.000489996,
  "DerivedVendorReportedEchoSpacing": 0.000489996,
  "TotalReadoutTime": 0.0308698,
  "PixelBandwidth": 2894,
  "DwellTime": 2.7e-06,
  "PhaseEncodingDirection": "j-",
  "SliceTiming": [
    0,
    1.2825,
    0.0575,
    1.3425,
    0.115,
    1.4,
    0.175,
    1.4575,
    0.2325,
    1.5175,
    0.29,
    1.575,
    0.35,
    1.6325,
    0.4075,
    1.6925,
    0.4675,
    1.75,
    0.525,
    1.8075,
    0.5825,
    1.8675,
    0.6425,
    1.925,
    0.7,
    1.9825,
    0.7575,
    2.0425,
    0.8175,
    2.1,
    0.875,
    2.16,
    0.9325,
    2.2175,
    0.9925,
    2.275,
    1.05,
    2.335,
    1.1075,
    2.3925,
    1.1675,
    2.45,
    1.225
  ],
  "ImageOrientationPatientDICOM": [
    1,
    -2e-16,
    0,
    2e-16,
    0.999391,
    -0.0348995
  ],
  "InPlanePhaseEncodingDirectionDICOM": "COL",
  "ConversionSoftware": "dcm2niix",
  "ConversionSoftwareVersion": "v1.0.20180404 Clang8.0.0",
  "TaskName": "GoalAchievement"
}
