{
  "Modality": "MR",
  "MagneticFieldStrength": 3,
  "Manufacturer": "Siemens",
  "ManufacturersModelName": "TrioTim",
  "InstitutionName": "Brigham_Young_University",
  "InstitutionalDepartmentName": "MRI",
  "InstitutionAddress": "University_Pkwy_1700_North_685_Provo_FC28C0_UT_US_84601",
  "DeviceSerialNumber": "35002",
  "StationName": "MRC35002",
  "PatientPosition": "HFS",
  "ProcedureStepDescription": "Research_KIRWAN",
  "SoftwareVersions": "syngo_MR_B17",
  "MRAcquisitionType": "2D",
  "SeriesDescription": "Task_1_-_Goal_Achievement",
  "ProtocolName": "Task_1_-_Goal_Achievement",
  "ScanningSequence": "EP",
  "SequenceVariant": "SK",
  "ScanOptions": "FS",
  "SequenceName": "epfid2d1_64",
  "ImageType": [
    "ORIGINAL",
    "PRIMARY",
    "M",
    "ND",
    "MOSAIC"
  ],
  "SeriesNumber": 3,
  "AcquisitionTime": "15:29:41.445000",
  "AcquisitionNumber": 1,
  "SliceThickness": 3,
  "SpacingBetweenSlices": 3,
  "SAR": 0.179186,
  "EchoTime": 0.028,
  "RepetitionTime": 2.5,
  "FlipAngle": 90,
  "PartialFourier": 1,
  "BaseResolution": 64,
  "ShimSetting": [
    -2821,
    -22991,
    2336,
    711,
    -187,
    105,
    -304,
    348
  ],
  "TxRefAmp": 317.046,
  "PhaseResolution": 1,
  "ReceiveCoilName": "HeadMatrix",
  "PulseSequenceDetails": "%CustomerSeq%_ep2d_bold_PMU",
  "PercentPhaseFOV": 100,
  "PhaseEncodingSteps": 64,
  "AcquisitionMatrixPE": 64,
  "ReconMatrixPE": 64,
  "BandwidthPerPixelPhaseEncode": 31.888,
  "EffectiveEchoSpacing": 0.000489996,
  "DerivedVendorReportedEchoSpacing": 0.000489996,
  "TotalReadoutTime": 0.0308698,
  "PixelBandwidth": 2894,
  "DwellTime": 2.7e-06,
  "PhaseEncodingDirection": "j-",
  "SliceTiming": [
    0,
    1.285,
    0.06,
    1.3425,
    0.1175,
    1.4025,
    0.175,
    1.46,
    0.235,
    1.5175,
    0.2925,
    1.5775,
    0.35,
    1.635,
    0.41,
    1.6925,
    0.4675,
    1.7525,
    0.525,
    1.81,
    0.585,
    1.8675,
    0.6425,
    1.9275,
    0.7025,
    1.985,
    0.76,
    2.0425,
    0.8175,
    2.1025,
    0.8775,
    2.16,
    0.935,
    2.2175,
    0.9925,
    2.2775,
    1.0525,
    2.335,
    1.11,
    2.395,
    1.1675,
    2.4525,
    1.2275
  ],
  "ImageOrientationPatientDICOM": [
    1,
    0,
    0,
    0,
    0.999998,
    0.00174533
  ],
  "InPlanePhaseEncodingDirectionDICOM": "COL",
  "ConversionSoftware": "dcm2niix",
  "ConversionSoftwareVersion": "v1.0.20180404 Clang8.0.0",
  "TaskName": "GoalAchievement"
}
